PATH
  remote: .
  specs:
    enhancer (0.0.2)
      builder
      bundler

GEM
  remote: http://rubygems.org/
  specs:
    activesupport (3.1.0)
      multi_json (~> 1.0)
    builder (3.0.0)
    multi_json (1.0.3)
    rake (0.9.2)
    rdoc (3.9.4)

PLATFORMS
  java
  ruby

DEPENDENCIES
  activesupport
  enhancer!
  rake
  rdoc
